GEM
  remote: https://rubygems.org/
  specs:
    eventmachine (1.0.3)
    http_parser.rb (0.5.3)

PLATFORMS
  ruby

DEPENDENCIES
  eventmachine
  http_parser.rb
